GEM
  remote: https://rubygems.org/
  specs:
    coderay (1.1.2)
    fast_trie (0.5.1)
    method_source (0.8.2)
    mustermann (1.0.2)
    pry (0.10.4)
      coderay (~> 1.1.0)
      method_source (~> 0.8.1)
      slop (~> 3.4)
    pry-nav (0.2.4)
      pry (>= 0.9.10, < 0.11.0)
    rack (2.0.4)
    rack-protection (2.0.1)
      rack
    sinatra (2.0.1)
      mustermann (~> 1.0)
      rack (~> 2.0)
      rack-protection (= 2.0.1)
      tilt (~> 2.0)
    slop (3.6.0)
    tilt (2.0.8)

PLATFORMS
  ruby

DEPENDENCIES
  fast_trie
  pry
  pry-nav
  sinatra

BUNDLED WITH
   1.16.1
